GIT
  remote: https://github.com/ruby-gnome/ruby-gnome.git
  revision: 6368d5f570b8d895bd6f6b268e0f1e15fb602026
  specs:
    atk (3.5.2)
      glib2 (= 3.5.2)
    cairo-gobject (3.5.2)
      cairo (>= 1.16.2)
      glib2 (= 3.5.2)
    gdk4 (3.5.2)
      cairo-gobject (= 3.5.2)
      gdk_pixbuf2 (= 3.5.2)
      pango (= 3.5.2)
    gdk_pixbuf2 (3.5.2)
      gio2 (= 3.5.2)
    gio2 (3.5.2)
      fiddle
      gobject-introspection (= 3.5.2)
    glib2 (3.5.2)
      native-package-installer (>= 1.0.3)
      pkg-config (>= 1.3.5)
    gobject-introspection (3.5.2)
      glib2 (= 3.5.2)
    gtk4 (3.5.2)
      atk (= 3.5.2)
      gdk4 (= 3.5.2)
      gdk_pixbuf2 (= 3.5.2)
      gio2 (= 3.5.2)
      pango (= 3.5.2)
    pango (3.5.2)
      cairo-gobject (= 3.5.2)
      gobject-introspection (= 3.5.2)

GEM
  remote: https://rubygems.org/
  specs:
    ast (2.4.2)
    cairo (1.17.5)
      native-package-installer (>= 1.0.3)
      pkg-config (>= 1.2.2)
      red-colors
    fiddle (1.1.0)
    matrix (0.4.2)
    native-package-installer (1.1.4)
    parallel (1.22.0)
    parser (3.1.1.0)
      ast (~> 2.4.1)
    pkg-config (1.4.7)
    rainbow (3.1.1)
    red-colors (0.3.0)
      matrix
    regexp_parser (2.2.1)
    rexml (3.2.5)
    rubocop (1.26.1)
      parallel (~> 1.10)
      parser (>= 3.1.0.0)
      rainbow (>= 2.2.2, < 4.0)
      regexp_parser (>= 1.8, < 3.0)
      rexml
      rubocop-ast (>= 1.16.0, < 2.0)
      ruby-progressbar (~> 1.7)
      unicode-display_width (>= 1.4.0, < 3.0)
    rubocop-ast (1.16.0)
      parser (>= 3.1.1.0)
    ruby-progressbar (1.11.0)
    unicode-display_width (2.1.0)

PLATFORMS
  x86_64-darwin-20

DEPENDENCIES
  gtk4!
  rubocop

BUNDLED WITH
   2.3.5
